PATH
  remote: .
  specs:
    mailjet (0.0.5)
      activesupport (>= 3.1.0)
      rack (>= 1.4.0)
      rest-client

GEM
  remote: http://rubygems.org/
  specs:
    actionmailer (3.2.2)
      actionpack (= 3.2.2)
      mail (~> 2.4.0)
    actionpack (3.2.2)
      activemodel (= 3.2.2)
      activesupport (= 3.2.2)
      builder (~> 3.0.0)
      erubis (~> 2.7.0)
      journey (~> 1.0.1)
      rack (~> 1.4.0)
      rack-cache (~> 1.1)
      rack-test (~> 0.6.1)
      sprockets (~> 2.1.2)
    activemodel (3.2.2)
      activesupport (= 3.2.2)
      builder (~> 3.0.0)
    activesupport (3.2.2)
      i18n (~> 0.6)
      multi_json (~> 1.0)
    addressable (2.3.5)
    ansi (1.4.2)
    bouncy-castle-java (1.5.0146.1)
    builder (3.0.0)
    celluloid (0.15.2)
      timers (~> 1.1.0)
    coderay (1.1.0)
    columnize (0.8.9)
    crack (0.4.1)
      safe_yaml (~> 0.9.0)
    debugger (1.6.6)
      columnize (>= 0.3.1)
      debugger-linecache (~> 1.2.0)
      debugger-ruby_core_source (~> 1.3.2)
    debugger-linecache (1.2.0)
    debugger-ruby_core_source (1.3.4)
    erubis (2.7.0)
    ffi (1.9.3)
    ffi (1.9.3-java)
    formatador (0.2.4)
    guard (2.2.3)
      formatador (>= 0.2.4)
      listen (~> 2.1)
      lumberjack (~> 1.0)
      pry (>= 0.9.12)
      thor (>= 0.18.1)
    guard-minitest (1.3.1)
      guard (>= 1.8)
      minitest (>= 2.1)
    hike (1.2.1)
    i18n (0.6.0)
    journey (1.0.3)
    jruby-openssl (0.7.6.1)
      bouncy-castle-java (>= 1.5.0146.1)
    json (1.8.0)
    json (1.8.0-java)
    listen (2.2.0)
      celluloid (>= 0.15.2)
      rb-fsevent (>= 0.9.3)
      rb-inotify (>= 0.9)
    lumberjack (1.0.4)
    mail (2.4.1)
      i18n (>= 0.4.0)
      mime-types (~> 1.16)
      treetop (~> 1.4.8)
    metaclass (0.0.1)
    method_source (0.8.2)
    mime-types (1.17.2)
    minitest (2.11.3)
    minitest-matchers (1.2.0)
      minitest (>= 2.5.0)
    minitest-spec-context (0.0.3)
    mocha (0.14.0)
      metaclass (~> 0.0.1)
    multi_json (1.1.0)
    polyglot (0.3.3)
    pry (0.9.12.3)
      coderay (~> 1.0)
      method_source (~> 0.8)
      slop (~> 3.4)
    pry (0.9.12.3-java)
      coderay (~> 1.0)
      method_source (~> 0.8)
      slop (~> 3.4)
      spoon (~> 0.0)
    rack (1.4.5)
    rack-cache (1.1)
      rack (>= 0.4)
    rack-test (0.6.1)
      rack (>= 1.0)
    rake (0.9.2.2)
    rb-fsevent (0.9.3)
    rb-inotify (0.9.2)
      ffi (>= 0.5.0)
    rest-client (1.6.7)
      mime-types (>= 1.16)
    safe_yaml (0.9.7)
    slop (3.4.7)
    spoon (0.0.4)
      ffi
    sprockets (2.1.2)
      hike (~> 1.2)
      rack (~> 1.0)
      tilt (~> 1.1, != 1.3.0)
    thor (0.18.1)
    tilt (1.3.3)
    timers (1.1.0)
    treetop (1.4.10)
      polyglot
      polyglot (>= 0.3.1)
    vcr (2.7.0)
    webmock (1.15.2)
      addressable (>= 2.2.7)
      crack (>= 0.3.2)

PLATFORMS
  java
  ruby

DEPENDENCIES
  actionmailer (>= 3.0.9)
  debugger
  guard
  guard-minitest
  jruby-openssl
  json
  mailjet!
  minitest
  minitest-matchers
  minitest-spec-context
  mocha
  rake
  vcr
  webmock
